GEM
  remote: https://rubygems.org/
  specs:
    ast (2.1.0)
    astrolabe (1.3.1)
      parser (~> 2.2)
    domain_name (0.5.25)
      unf (>= 0.0.5, < 1.0.0)
    http-cookie (1.0.2)
      domain_name (~> 0.5)
    mime-types (2.6.2)
    mini_portile (0.6.2)
    netrc (0.10.3)
    nokogiri (1.6.6.2)
      mini_portile (~> 0.6.0)
    parser (2.2.3.0)
      ast (>= 1.1, < 3.0)
    powerpack (0.1.1)
    rainbow (2.0.0)
    rest-client (1.8.0)
      http-cookie (>= 1.0.2, < 2.0)
      mime-types (>= 1.16, < 3.0)
      netrc (~> 0.7)
    rubocop (0.34.2)
      astrolabe (~> 1.3)
      parser (>= 2.2.2.5, < 3.0)
      powerpack (~> 0.1)
      rainbow (>= 1.99.1, < 3.0)
      ruby-progressbar (~> 1.4)
    ruby-jmeter (2.13.7)
      nokogiri
      rest-client
    ruby-progressbar (1.7.5)
    unf (0.1.4)
      unf_ext
    unf_ext (0.0.7.1)

PLATFORMS
  ruby

DEPENDENCIES
  rubocop
  ruby-jmeter

BUNDLED WITH
   1.10.6
